GEM
  remote: http://rubygems.org/
  specs:
    daemons (1.1.9)
    dalli (2.1.0)
    eventmachine (1.0.3)
    memcachier (0.0.2)
    open_uri_redirections (0.2.1)
    puma (1.6.3)
      rack (~> 1.2)
    rack (1.6.13)
    rack-cache (1.2)
      rack (>= 0.4)
    rack-protection (1.5.5)
      rack
    rake (0.8.7)
    shotgun (0.9)
      rack (>= 1.0)
    sinatra (1.3.3)
      rack (~> 1.3, >= 1.3.6)
      rack-protection (~> 1.2)
      tilt (~> 1.3, >= 1.3.3)
    thin (1.5.0)
      daemons (>= 1.0.9)
      eventmachine (>= 0.12.6)
      rack (>= 1.0.0)
    tilt (1.3.3)

PLATFORMS
  ruby

DEPENDENCIES
  dalli
  memcachier
  open_uri_redirections
  puma
  rack-cache
  rake (= 0.8.7)
  shotgun
  sinatra
  thin

RUBY VERSION
   ruby 2.1.3p242

BUNDLED WITH
   1.13.6
