GEM
  remote: http://rubygems.org/
  specs:
    dalli (2.7.10)
    memcachier (0.0.2)
    open_uri_redirections (0.2.1)
    puma (3.12.6)
    rack (1.6.13)
    rack-cache (1.2)
      rack (>= 0.4)
    rack-protection (1.5.5)
      rack
    rake (0.8.7)
    shotgun (0.9)
      rack (>= 1.0)
    sinatra (1.4.8)
      rack (~> 1.5)
      rack-protection (~> 1.4)
      tilt (>= 1.3, < 3)
    tilt (2.0.10)

PLATFORMS
  ruby

DEPENDENCIES
  dalli (~> 2.0)
  memcachier
  open_uri_redirections
  puma (~> 3.12)
  rack-cache
  rake
  shotgun
  sinatra (~> 1.4)

RUBY VERSION
   ruby 2.6.5p114

BUNDLED WITH
   1.17.2
